GIT
  remote: git@github.com:jnewland/nagiosharder.git
  revision: 0b9244710eb7162614576721c4b263df6a2540c8
  specs:
    nagiosharder (0.5.0.rc1)
      activesupport
      hashie (~> 1.2.0)
      httparty (~> 0.8.3)
      i18n
      nokogiri
      rest-client (~> 1.6.1)
      terminal-table

GEM
  remote: http://rubygems.org/
  specs:
    activesupport (3.2.11)
      i18n (~> 0.6)
      multi_json (~> 1.0)
    aggregate (0.2.2)
    faraday (0.8.4)
      multipart-post (~> 1.1)
    hashie (1.2.0)
    httparty (0.8.3)
      multi_json (~> 1.0)
      multi_xml
    i18n (0.6.1)
    librato-metrics (1.0.3)
      aggregate (~> 0.2.2)
      faraday (~> 0.7)
      multi_json
    mime-types (1.19)
    multi_json (1.5.0)
    multi_xml (0.5.2)
    multipart-post (1.1.5)
    nokogiri (1.5.6)
    rest-client (1.6.7)
      mime-types (>= 1.16)
    terminal-table (1.4.5)

PLATFORMS
  ruby

DEPENDENCIES
  librato-metrics (~> 1.0.3)
  nagiosharder!
